GEM
  remote: https://rubygems.org/
  specs:
    cuba (3.9.3)
      rack (>= 1.6.0)
    rack (2.2.3)

PLATFORMS
  x86_64-darwin-19

DEPENDENCIES
  cuba (~> 3.9)

BUNDLED WITH
   2.2.17
