GEM
  remote: https://rubygems.org/
  specs:
    armor (0.0.3)
    cuba (3.9.3)
      rack (>= 1.6.0)
    cuba-contrib (3.1.0)
      cuba (~> 3.1)
    hiredis (0.6.3)
    mote (1.3.1)
    nest (3.2.0)
      redic
    ohm (3.1.1)
      nest (~> 3)
      redic (~> 1.5.0)
      stal
    rack (2.2.3)
    redic (1.5.3)
      hiredis
    shield (2.1.1)
      armor
    shotgun (0.9.2)
      rack (>= 1.0)
    stal (0.3.0)
      redic (~> 1.5)

PLATFORMS
  x86_64-darwin-19

DEPENDENCIES
  cuba (~> 3.9)
  cuba-contrib (~> 3.1)
  mote (~> 1.3)
  ohm (~> 3.1)
  shield (~> 2.1)
  shotgun (~> 0.9.2)

BUNDLED WITH
   2.2.17
