GEM
  remote: https://rubygems.org/
  specs:
    cuba (3.9.3)
      rack (>= 1.6.0)
    cuba-contrib (3.1.0)
      cuba (~> 3.1)
    mote (1.3.1)
    rack (2.2.3)
    shotgun (0.9.2)
      rack (>= 1.0)

PLATFORMS
  x86_64-darwin-19

DEPENDENCIES
  cuba (~> 3.9)
  cuba-contrib (~> 3.1)
  mote (~> 1.3)
  shotgun (~> 0.9.2)

BUNDLED WITH
   2.2.17
